PATH
  remote: .
  specs:
    willow_camp_cli (0.1.1)
      colorize (~> 0.8.1)
      fileutils (~> 1.0)
      json (~> 2.0)

GEM
  remote: https://rubygems.org/
  specs:
    addressable (2.8.7)
      public_suffix (>= 2.0.2, < 7.0)
    bigdecimal (3.1.9)
    colorize (0.8.1)
    crack (1.0.0)
      bigdecimal
      rexml
    fileutils (1.7.3)
    hashdiff (1.2.0)
    json (2.12.2)
    minitest (5.25.5)
    public_suffix (6.0.2)
    rake (13.2.1)
    rexml (3.4.1)
    webmock (3.25.1)
      addressable (>= 2.8.0)
      crack (>= 0.3.2)
      hashdiff (>= 0.4.0, < 2.0.0)

PLATFORMS
  arm64-darwin-24
  ruby

DEPENDENCIES
  bundler (~> 2.0)
  minitest (~> 5.0)
  rake (~> 13.0)
  webmock (~> 3.18)
  willow_camp_cli!

BUNDLED WITH
   2.6.7
